PATH
  remote: .
  specs:
    multiruby (0.1.0)

GEM
  remote: https://rubygems.org/
  specs:
    colorize (0.8.1)

PLATFORMS
  x86_64-linux

DEPENDENCIES
  colorize (~> 0.8.1)
  multiruby!

BUNDLED WITH
   2.4.22
